GEM
  remote: http://rubygems.org/
  specs:
    rack (1.1.0)
    sinatra (1.1.0)
      rack (~> 1.1)
      tilt (~> 1.1)
    tilt (1.1)
    zipruby (0.3.6)

PLATFORMS
  ruby

DEPENDENCIES
  sinatra (>= 1.1.0)
  zipruby
